GEM
  remote: https://rubygems.org/
  specs:
    async (1.26.2)
      console (~> 1.0)
      nio4r (~> 2.3)
      timers (~> 4.1)
    async-io (1.30.0)
      async (~> 1.14)
    console (1.9.0)
    nio4r (2.5.3)
    timers (4.3.2)

PLATFORMS
  ruby

DEPENDENCIES
  async
  async-io

BUNDLED WITH
   2.1.4
