GEM
  remote: https://rubygems.org/
  specs:
    redis (4.2.5)

PLATFORMS
  ruby

DEPENDENCIES
  redis

BUNDLED WITH
   2.2.15
